GEM
  remote: http://rubygems.org/
  specs:
    activemodel (3.2.21)
      activesupport (= 3.2.21)
      builder (~> 3.0.0)
    activerecord (3.2.21)
      activemodel (= 3.2.21)
      activesupport (= 3.2.21)
      arel (~> 3.0.2)
      tzinfo (~> 0.3.29)
    activesupport (3.2.21)
      i18n (~> 0.6, >= 0.6.4)
      multi_json (~> 1.0)
    arel (3.0.3)
    builder (3.0.4)
    i18n (0.6.11)
    json (1.1.9)
    multi_json (1.11.0)
    mysql2 (0.3.18)
    open4 (1.3.4)
    rake (10.1.1)
    rake-remote_task (2.2.2)
      open4 (~> 1.0)
      rake (>= 0.8, < 11.0)
    tzinfo (0.3.44)

PLATFORMS
  ruby

DEPENDENCIES
  activerecord (~> 3.2.20)
  i18n (= 0.6.11)
  json (~> 1.1.1)
  mysql2 (~> 0.3.16)
  rake (~> 10.1.1)
  rake-remote_task (~> 2.2.2)
